{
	"Modality": "MR",
	"MagneticFieldStrength": 3,
	"ImagingFrequency": 123.260867,
	"Manufacturer": "Siemens",
	"ManufacturersModelName": "Prisma",
	"InstitutionName": "York Neuro Imaging Centre",
	"InstitutionalDepartmentName": "Department",
	"InstitutionAddress": "Innovation Way  Heslington,York,District,GB,YO10 5NY",
	"DeviceSerialNumber": "66095",
	"StationName": "AWP66095",
	"BodyPartExamined": "BRAIN",
	"PatientPosition": "HFS",
	"ProcedureStepDescription": "P1452a",
	"SoftwareVersions": "syngo MR E11",
	"MRAcquisitionType": "2D",
	"SeriesDescription": "field_map_1",
	"ProtocolName": "field_map_1",
	"ScanningSequence": "GR",
	"SequenceVariant": "SP",
	"SequenceName": "*fm2d2r",
	"ImageType": ["ORIGINAL", "PRIMARY", "M", "ND"],
	"NonlinearGradientCorrection": false,
	"SeriesNumber": 8,
	"AcquisitionTime": "13:03:33.812500",
	"AcquisitionNumber": 1,
	"SliceThickness": 3,
	"SpacingBetweenSlices": 3,
	"SAR": 0.165583,
	"EchoTime": 0.00492,
	"RepetitionTime": 0.554,
	"FlipAngle": 60,
	"PartialFourier": 1,
	"BaseResolution": 80,
	"ShimSetting": [
		-1207,
		-2962,
		-498,
		324,
		-28,
		-546,
		-94,
		32	],
	"TxRefAmp": 286.63,
	"PhaseResolution": 1,
	"ReceiveCoilName": "HeadNeck_64",
	"ReceiveCoilActiveElements": "HC1-7;NC1,2",
	"PulseSequenceDetails": "%SiemensSeq%\\gre_field_mapping",
	"CoilCombinationMethod": "Sum of Squares",
	"ConsistencyInfo": "N4_VE11C_LATEST_20160120",
	"MatrixCoilMode": "SENSE",
	"PercentPhaseFOV": 100,
	"PercentSampling": 100,
	"PhaseEncodingSteps": 80,
	"AcquisitionMatrixPE": 80,
	"ReconMatrixPE": 80,
	"PixelBandwidth": 1525,
	"DwellTime": 4.1e-06,
	"PhaseEncodingDirection": "j-",
	"SliceTiming": [
		0.28125,
		0,
		0.28906,
		0.01562,
		0.29688,
		0.02344,
		0.3125,
		0.03125,
		0.32031,
		0.03906,
		0.32812,
		0.05469,
		0.33594,
		0.0625,
		0.34375,
		0.07031,
		0.35938,
		0.07812,
		0.36719,
		0.08594,
		0.375,
		0.09375,
		0.38281,
		0.10938,
		0.39062,
		0.11719,
		0.39844,
		0.125,
		0.41406,
		0.13281,
		0.42188,
		0.14062,
		0.42969,
		0.14844,
		0.4375,
		0.16406,
		0.44531,
		0.17188,
		0.45312,
		0.17969,
		0.46875,
		0.1875,
		0.47656,
		0.19531,
		0.48438,
		0.20312,
		0.49219,
		0.21875,
		0.5,
		0.22656,
		0.50781,
		0.23438,
		0.52344,
		0.24219,
		0.53125,
		0.25,
		0.53906,
		0.26562,
		0.54688,
		0.27344	],
	"ImageOrientationPatientDICOM": [
		0.998441,
		-0.000195152,
		0.0558208,
		-4.30856e-09,
		0.999994,
		0.0034961	],
	"ImageOrientationText": "Tra>Sag(3.2)>Cor(0.2)",
	"InPlanePhaseEncodingDirectionDICOM": "COL",
	"ConversionSoftware": "dcm2niix",
	"ConversionSoftwareVersion": "v1.0.20230411"
}
