{
	"Modality": "MR",
	"MagneticFieldStrength": 3,
	"ImagingFrequency": 123.261,
	"Manufacturer": "Siemens",
	"ManufacturersModelName": "Prisma",
	"InstitutionName": "York Neuro Imaging Centre",
	"InstitutionalDepartmentName": "Department",
	"InstitutionAddress": "Innovation Way  Heslington,York,District,GB,YO10 5NY",
	"DeviceSerialNumber": "66095",
	"StationName": "AWP66095",
	"BodyPartExamined": "BRAIN",
	"PatientPosition": "HFS",
	"ProcedureStepDescription": "P1442a",
	"SoftwareVersions": "syngo MR E11",
	"MRAcquisitionType": "2D",
	"SeriesDescription": "GoT_XPQ389",
	"ProtocolName": "GoT_XPQ389",
	"ScanningSequence": "EP",
	"SequenceVariant": "SK\\SS",
	"ScanOptions": "FS\\EXT",
	"SequenceName": "epfid2d1_80",
	"ImageType": [
		"ORIGINAL",
		"PRIMARY",
		"M",
		"MB",
		"ND",
		"MOSAIC"
	],
	"NonlinearGradientCorrection": false,
	"SeriesNumber": 4,
	"AcquisitionTime": "11:22:43.007500",
	"AcquisitionNumber": 1,
	"ImageComments": "Unaliased MB2/PE4/LB",
	"SliceThickness": 3,
	"SpacingBetweenSlices": 3,
	"SAR": 0.123443,
	"EchoTime": 0.03,
	"RepetitionTime": 2,
	"FlipAngle": 80,
	"PartialFourier": 1,
	"BaseResolution": 80,
	"ShimSetting": [
		-1190,
		-2930,
		-565,
		364,
		61,
		-487,
		-165,
		74
	],
	"TxRefAmp": 235.25,
	"PhaseResolution": 1,
	"ReceiveCoilName": "HeadNeck_64",
	"ReceiveCoilActiveElements": "HC1-7;NC1",
	"PulseSequenceDetails": "%CustomerSeq%\\cmrr_mbep2d_bold",
	"WipMemBlock": "e90c3ea8-b927-488a-bcb6-57ef1aa32d6f||Sequence: R016 ve11c/master r/e634e98; Dec 19 2017 11:00:25 by eja",
	"RefLinesPE": 24,
	"CoilCombinationMethod": "Sum of Squares",
	"ConsistencyInfo": "N4_VE11C_LATEST_20160120",
	"MatrixCoilMode": "GRAPPA",
	"MultibandAccelerationFactor": 2,
	"PercentPhaseFOV": 100,
	"PercentSampling": 100,
	"EchoTrainLength": 39,
	"PhaseEncodingSteps": 79,
	"AcquisitionMatrixPE": 80,
	"ReconMatrixPE": 80,
	"BandwidthPerPixelPhaseEncode": 51.02,
	"ParallelReductionFactorInPlane": 2,
	"EffectiveEchoSpacing": 0.000245002,
	"DerivedVendorReportedEchoSpacing": 0.000490004,
	"TotalReadoutTime": 0.0193552,
	"PixelBandwidth": 2500,
	"DwellTime": 2.5e-06,
	"PhaseEncodingDirection": "j-",
	"SliceTiming": [
		0,
		0.46,
		0.9225,
		1.385,
		1.8475,
		0.33,
		0.79,
		1.2525,
		1.715,
		0.1975,
		0.6575,
		1.12,
		1.5825,
		0.065,
		0.5275,
		0.9875,
		1.45,
		1.9125,
		0.395,
		0.8575,
		1.3175,
		1.78,
		0.2625,
		0.725,
		1.1875,
		1.6475,
		0.13,
		0.5925,
		1.055,
		1.5175,
		0,
		0.46,
		0.9225,
		1.385,
		1.8475,
		0.33,
		0.79,
		1.2525,
		1.715,
		0.1975,
		0.6575,
		1.12,
		1.5825,
		0.065,
		0.5275,
		0.9875,
		1.45,
		1.9125,
		0.395,
		0.8575,
		1.3175,
		1.78,
		0.2625,
		0.725,
		1.1875,
		1.6475,
		0.13,
		0.5925,
		1.055,
		1.5175
	],
	"ImageOrientationPatientDICOM": [
		0.999143,
		-0.00633643,
		0.0408947,
		3.41004e-08,
		0.988208,
		0.153117
	],
	"ImageOrientationText": "Tra>Cor(8.8)>Sag(2.4)",
	"InPlanePhaseEncodingDirectionDICOM": "COL",
	"ConversionSoftware": "dcm2niix",
	"ConversionSoftwareVersion": "v1.0.20220720",
	"TaskName": "Game of Thrones movie watching"
}