{
	"Modality": "MR",
	"MagneticFieldStrength": 3,
	"ImagingFrequency": 123.261,
	"Manufacturer": "Siemens",
	"ManufacturersModelName": "Prisma",
	"InstitutionName": "York Neuro Imaging Centre",
	"InstitutionalDepartmentName": "Department",
	"InstitutionAddress": "Innovation Way  Heslington,York,District,GB,YO10 5NY",
	"DeviceSerialNumber": "66095",
	"StationName": "AWP66095",
	"BodyPartExamined": "BRAIN",
	"PatientPosition": "HFS",
	"ProcedureStepDescription": "P1442a",
	"SoftwareVersions": "syngo MR E11",
	"MRAcquisitionType": "2D",
	"SeriesDescription": "GoT_XPQ389",
	"ProtocolName": "GoT_XPQ389",
	"ScanningSequence": "EP",
	"SequenceVariant": "SK\\SS",
	"ScanOptions": "FS\\EXT",
	"SequenceName": "epfid2d1_80",
	"ImageType": [
		"ORIGINAL",
		"PRIMARY",
		"M",
		"MB",
		"ND",
		"MOSAIC"
	],
	"NonlinearGradientCorrection": false,
	"SeriesNumber": 2,
	"AcquisitionTime": "10:27:21.592500",
	"AcquisitionNumber": 1,
	"ImageComments": "Unaliased MB2/PE4/LB",
	"SliceThickness": 3,
	"SpacingBetweenSlices": 3,
	"SAR": 0.0990464,
	"EchoTime": 0.03,
	"RepetitionTime": 2,
	"FlipAngle": 80,
	"PartialFourier": 1,
	"BaseResolution": 80,
	"ShimSetting": [
		-1172,
		-2980,
		-574,
		434,
		9,
		-469,
		20,
		65
	],
	"TxRefAmp": 210.844,
	"PhaseResolution": 1,
	"ReceiveCoilName": "HeadNeck_64",
	"ReceiveCoilActiveElements": "HC1-7;NC1",
	"PulseSequenceDetails": "%CustomerSeq%\\cmrr_mbep2d_bold",
	"WipMemBlock": "7c08afc4-880f-4e2b-92bb-ef09feb13396||Sequence: R016 ve11c/master r/e634e98; Dec 19 2017 11:00:25 by eja",
	"RefLinesPE": 24,
	"CoilCombinationMethod": "Sum of Squares",
	"ConsistencyInfo": "N4_VE11C_LATEST_20160120",
	"MatrixCoilMode": "GRAPPA",
	"MultibandAccelerationFactor": 2,
	"PercentPhaseFOV": 100,
	"PercentSampling": 100,
	"EchoTrainLength": 39,
	"PhaseEncodingSteps": 79,
	"AcquisitionMatrixPE": 80,
	"ReconMatrixPE": 80,
	"BandwidthPerPixelPhaseEncode": 51.02,
	"ParallelReductionFactorInPlane": 2,
	"EffectiveEchoSpacing": 0.000245002,
	"DerivedVendorReportedEchoSpacing": 0.000490004,
	"TotalReadoutTime": 0.0193552,
	"PixelBandwidth": 2500,
	"DwellTime": 2.5e-06,
	"PhaseEncodingDirection": "j-",
	"SliceTiming": [
		0,
		0.4625,
		0.925,
		1.3875,
		1.85,
		0.33,
		0.7925,
		1.255,
		1.7175,
		0.2,
		0.66,
		1.1225,
		1.585,
		0.0675,
		0.53,
		0.99,
		1.4525,
		1.915,
		0.3975,
		0.86,
		1.32,
		1.7825,
		0.265,
		0.7275,
		1.19,
		1.65,
		0.1325,
		0.595,
		1.0575,
		1.52,
		0,
		0.4625,
		0.925,
		1.3875,
		1.85,
		0.33,
		0.7925,
		1.255,
		1.7175,
		0.2,
		0.66,
		1.1225,
		1.585,
		0.0675,
		0.53,
		0.99,
		1.4525,
		1.915,
		0.3975,
		0.86,
		1.32,
		1.7825,
		0.265,
		0.7275,
		1.19,
		1.65,
		0.1325,
		0.595,
		1.0575,
		1.52
	],
	"ImageOrientationPatientDICOM": [
		0.991536,
		-0.01346,
		0.129135,
		-1.93224e-08,
		0.994612,
		0.10367
	],
	"ImageOrientationText": "Tra>Sag(7.5)>Cor(5.9)",
	"InPlanePhaseEncodingDirectionDICOM": "COL",
	"ConversionSoftware": "dcm2niix",
	"ConversionSoftwareVersion": "v1.0.20220720",
	"TaskName": "Game of Thrones movie watching"
}