{
	"Modality": "MR",
	"MagneticFieldStrength": 3,
	"ImagingFrequency": 123.261,
	"Manufacturer": "Siemens",
	"ManufacturersModelName": "Prisma",
	"InstitutionName": "York Neuro Imaging Centre",
	"InstitutionalDepartmentName": "Department",
	"InstitutionAddress": "Innovation Way  Heslington,York,District,GB,YO10 5NY",
	"DeviceSerialNumber": "66095",
	"StationName": "AWP66095",
	"BodyPartExamined": "BRAIN",
	"PatientPosition": "HFS",
	"ProcedureStepDescription": "P1442a",
	"SoftwareVersions": "syngo MR E11",
	"MRAcquisitionType": "2D",
	"SeriesDescription": "Localiser_XPQ122",
	"ProtocolName": "Localiser_XPQ122",
	"ScanningSequence": "EP",
	"SequenceVariant": "SK\\SS",
	"ScanOptions": "FS\\EXT",
	"SequenceName": "epfid2d1_80",
	"ImageType": [
		"ORIGINAL",
		"PRIMARY",
		"M",
		"MB",
		"ND",
		"MOSAIC"
	],
	"NonlinearGradientCorrection": false,
	"SeriesNumber": 4,
	"AcquisitionTime": "11:22:11.027500",
	"AcquisitionNumber": 1,
	"ImageComments": "Unaliased MB2/PE4/LB",
	"SliceThickness": 3,
	"SpacingBetweenSlices": 3,
	"SAR": 0.0813726,
	"EchoTime": 0.03,
	"RepetitionTime": 2,
	"FlipAngle": 80,
	"PartialFourier": 1,
	"BaseResolution": 80,
	"ShimSetting": [
		-1182,
		-2973,
		-649,
		611,
		126,
		-310,
		27,
		31
	],
	"TxRefAmp": 218.659,
	"PhaseResolution": 1,
	"ReceiveCoilName": "Head_32",
	"ReceiveCoilActiveElements": "HEA;HEP",
	"PulseSequenceDetails": "%CustomerSeq%\\cmrr_mbep2d_bold",
	"WipMemBlock": "e60f0aad-a850-4a3b-8c92-0f44a438a677||Sequence: R016 ve11c/master r/e634e98; Dec 19 2017 11:00:25 by eja",
	"RefLinesPE": 24,
	"CoilCombinationMethod": "Sum of Squares",
	"ConsistencyInfo": "N4_VE11C_LATEST_20160120",
	"MatrixCoilMode": "GRAPPA",
	"MultibandAccelerationFactor": 2,
	"PercentPhaseFOV": 100,
	"PercentSampling": 100,
	"EchoTrainLength": 39,
	"PhaseEncodingSteps": 79,
	"AcquisitionMatrixPE": 80,
	"ReconMatrixPE": 80,
	"BandwidthPerPixelPhaseEncode": 51.02,
	"ParallelReductionFactorInPlane": 2,
	"EffectiveEchoSpacing": 0.000245002,
	"DerivedVendorReportedEchoSpacing": 0.000490004,
	"TotalReadoutTime": 0.0193552,
	"PixelBandwidth": 2500,
	"DwellTime": 2.5e-06,
	"PhaseEncodingDirection": "j-",
	"SliceTiming": [
		0,
		0.4625,
		0.925,
		1.3875,
		1.8475,
		0.33,
		0.7925,
		1.255,
		1.7175,
		0.2,
		0.66,
		1.1225,
		1.585,
		0.0675,
		0.53,
		0.99,
		1.4525,
		1.915,
		0.3975,
		0.86,
		1.32,
		1.7825,
		0.265,
		0.7275,
		1.19,
		1.65,
		0.1325,
		0.595,
		1.0575,
		1.5175,
		0,
		0.4625,
		0.925,
		1.3875,
		1.8475,
		0.33,
		0.7925,
		1.255,
		1.7175,
		0.2,
		0.66,
		1.1225,
		1.585,
		0.0675,
		0.53,
		0.99,
		1.4525,
		1.915,
		0.3975,
		0.86,
		1.32,
		1.7825,
		0.265,
		0.7275,
		1.19,
		1.65,
		0.1325,
		0.595,
		1.0575,
		1.5175
	],
	"ImageOrientationPatientDICOM": [
		1,
		0,
		0,
		0,
		0.984503,
		0.175367
	],
	"ImageOrientationText": "Tra>Cor(10.1)",
	"InPlanePhaseEncodingDirectionDICOM": "COL",
	"ConversionSoftware": "dcm2niix",
	"ConversionSoftwareVersion": "v1.0.20220720",
	"TaskName": "Category Localiser",
	"trial_type": {
		"LongName": "Condition",
		"Description": "Image category",
		"Levels": {
			"face": "Face image",
			"scene": "Scene image",
			"scram": "Phase scrambled face image"
		}
	}
}