{
	"Modality": "MR",
	"MagneticFieldStrength": 3,
	"ImagingFrequency": 123.261,
	"Manufacturer": "Siemens",
	"ManufacturersModelName": "Prisma",
	"InstitutionName": "York Neuro Imaging Centre",
	"InstitutionalDepartmentName": "Department",
	"InstitutionAddress": "Innovation Way  Heslington,York,District,GB,YO10 5NY",
	"DeviceSerialNumber": "66095",
	"StationName": "AWP66095",
	"BodyPartExamined": "BRAIN",
	"PatientPosition": "HFS",
	"ProcedureStepDescription": "P1442a",
	"SoftwareVersions": "syngo MR E11",
	"MRAcquisitionType": "2D",
	"SeriesDescription": "GoT_XPQ389",
	"ProtocolName": "GoT_XPQ389",
	"ScanningSequence": "EP",
	"SequenceVariant": "SK\\SS",
	"ScanOptions": "FS\\EXT",
	"SequenceName": "epfid2d1_80",
	"ImageType": [
		"ORIGINAL",
		"PRIMARY",
		"M",
		"MB",
		"ND",
		"MOSAIC"
	],
	"NonlinearGradientCorrection": false,
	"SeriesNumber": 4,
	"AcquisitionTime": "10:54:18.085000",
	"AcquisitionNumber": 1,
	"ImageComments": "Unaliased MB2/PE4/LB",
	"SliceThickness": 3,
	"SpacingBetweenSlices": 3,
	"SAR": 0.101191,
	"EchoTime": 0.03,
	"RepetitionTime": 2,
	"FlipAngle": 80,
	"PartialFourier": 1,
	"BaseResolution": 80,
	"ShimSetting": [
		-1183,
		-2919,
		-647,
		366,
		24,
		-379,
		-157,
		79
	],
	"TxRefAmp": 234.083,
	"PhaseResolution": 1,
	"ReceiveCoilName": "HeadNeck_64",
	"ReceiveCoilActiveElements": "HC1-7;NC1",
	"PulseSequenceDetails": "%CustomerSeq%\\cmrr_mbep2d_bold",
	"WipMemBlock": "8258e6c0-c232-42a2-8ba7-83a0ebf759c2||Sequence: R016 ve11c/master r/e634e98; Dec 19 2017 11:00:25 by eja",
	"RefLinesPE": 24,
	"CoilCombinationMethod": "Sum of Squares",
	"ConsistencyInfo": "N4_VE11C_LATEST_20160120",
	"MatrixCoilMode": "GRAPPA",
	"MultibandAccelerationFactor": 2,
	"PercentPhaseFOV": 100,
	"PercentSampling": 100,
	"EchoTrainLength": 39,
	"PhaseEncodingSteps": 79,
	"AcquisitionMatrixPE": 80,
	"ReconMatrixPE": 80,
	"BandwidthPerPixelPhaseEncode": 51.02,
	"ParallelReductionFactorInPlane": 2,
	"EffectiveEchoSpacing": 0.000245002,
	"DerivedVendorReportedEchoSpacing": 0.000490004,
	"TotalReadoutTime": 0.0193552,
	"PixelBandwidth": 2500,
	"DwellTime": 2.5e-06,
	"PhaseEncodingDirection": "j-",
	"SliceTiming": [
		0,
		0.46,
		0.9225,
		1.385,
		1.8475,
		0.3275,
		0.79,
		1.2525,
		1.715,
		0.1975,
		0.6575,
		1.12,
		1.5825,
		0.065,
		0.5275,
		0.9875,
		1.45,
		1.9125,
		0.395,
		0.8575,
		1.3175,
		1.78,
		0.2625,
		0.725,
		1.1875,
		1.6475,
		0.13,
		0.5925,
		1.055,
		1.5175,
		0,
		0.46,
		0.9225,
		1.385,
		1.8475,
		0.3275,
		0.79,
		1.2525,
		1.715,
		0.1975,
		0.6575,
		1.12,
		1.5825,
		0.065,
		0.5275,
		0.9875,
		1.45,
		1.9125,
		0.395,
		0.8575,
		1.3175,
		1.78,
		0.2625,
		0.725,
		1.1875,
		1.6475,
		0.13,
		0.5925,
		1.055,
		1.5175
	],
	"ImageOrientationPatientDICOM": [
		1,
		0,
		0,
		0,
		0.996493,
		0.0836778
	],
	"ImageOrientationText": "Tra>Cor(4.8)",
	"InPlanePhaseEncodingDirectionDICOM": "COL",
	"ConversionSoftware": "dcm2niix",
	"ConversionSoftwareVersion": "v1.0.20220720",
	"TaskName": "Game of Thrones movie watching"
}