{
	"Modality": "MR",
	"MagneticFieldStrength": 3,
	"ImagingFrequency": 123.26085,
	"Manufacturer": "Siemens",
	"ManufacturersModelName": "Prisma",
	"InstitutionName": "York Neuro Imaging Centre",
	"InstitutionalDepartmentName": "Department",
	"InstitutionAddress": "Innovation Way  Heslington,York,District,GB,YO10 5NY",
	"DeviceSerialNumber": "66095",
	"StationName": "AWP66095",
	"BodyPartExamined": "BRAIN",
	"PatientPosition": "HFS",
	"ProcedureStepDescription": "P1452a",
	"SoftwareVersions": "syngo MR E11",
	"MRAcquisitionType": "2D",
	"SeriesDescription": "field_map_1",
	"ProtocolName": "field_map_1",
	"ScanningSequence": "GR",
	"SequenceVariant": "SP",
	"SequenceName": "*fm2d2r",
	"ImageType": ["ORIGINAL", "PRIMARY", "M", "ND"],
	"NonlinearGradientCorrection": false,
	"SeriesNumber": 8,
	"AcquisitionTime": "12:03:22.502500",
	"AcquisitionNumber": 1,
	"SliceThickness": 3,
	"SpacingBetweenSlices": 3,
	"SAR": 0.149087,
	"EchoTime": 0.00492,
	"RepetitionTime": 0.554,
	"FlipAngle": 60,
	"PartialFourier": 1,
	"BaseResolution": 80,
	"ShimSetting": [
		-1213,
		-2935,
		-549,
		310,
		131,
		-625,
		166,
		-15	],
	"TxRefAmp": 300.039,
	"PhaseResolution": 1,
	"ReceiveCoilName": "HeadNeck_64",
	"ReceiveCoilActiveElements": "HC1-7;NC1,2",
	"PulseSequenceDetails": "%SiemensSeq%\\gre_field_mapping",
	"CoilCombinationMethod": "Sum of Squares",
	"ConsistencyInfo": "N4_VE11C_LATEST_20160120",
	"MatrixCoilMode": "SENSE",
	"PercentPhaseFOV": 100,
	"PercentSampling": 100,
	"PhaseEncodingSteps": 80,
	"AcquisitionMatrixPE": 80,
	"ReconMatrixPE": 80,
	"PixelBandwidth": 1525,
	"DwellTime": 4.1e-06,
	"PhaseEncodingDirection": "j-",
	"SliceTiming": [
		0.27344,
		0,
		0.28906,
		0.00781,
		0.29688,
		0.01562,
		0.30469,
		0.03125,
		0.3125,
		0.03906,
		0.32031,
		0.04688,
		0.32812,
		0.05469,
		0.34375,
		0.0625,
		0.35156,
		0.07031,
		0.35938,
		0.08594,
		0.36719,
		0.09375,
		0.375,
		0.10156,
		0.39062,
		0.10938,
		0.39844,
		0.11719,
		0.40625,
		0.125,
		0.41406,
		0.14062,
		0.42188,
		0.14844,
		0.42969,
		0.15625,
		0.44531,
		0.16406,
		0.45312,
		0.17969,
		0.46094,
		0.17969,
		0.46875,
		0.19531,
		0.47656,
		0.20312,
		0.49219,
		0.21094,
		0.5,
		0.21875,
		0.50781,
		0.23438,
		0.51562,
		0.24219,
		0.52344,
		0.25,
		0.53906,
		0.25781,
		0.54688,
		0.26562	],
	"ImageOrientationPatientDICOM": [
		1,
		0,
		0,
		0,
		0.999998,
		-0.00174533	],
	"ImageOrientationText": "Tra>Cor(-0.1)",
	"InPlanePhaseEncodingDirectionDICOM": "COL",
	"ConversionSoftware": "dcm2niix",
	"ConversionSoftwareVersion": "v1.0.20230411"
}
