{
	"Modality": "MR",
	"MagneticFieldStrength": 3,
	"ImagingFrequency": 123.261,
	"Manufacturer": "Siemens",
	"ManufacturersModelName": "Prisma",
	"InstitutionName": "York Neuro Imaging Centre",
	"InstitutionalDepartmentName": "Department",
	"InstitutionAddress": "Innovation Way  Heslington,York,District,GB,YO10 5NY",
	"DeviceSerialNumber": "66095",
	"StationName": "AWP66095",
	"BodyPartExamined": "BRAIN",
	"PatientPosition": "HFS",
	"ProcedureStepDescription": "P1442a",
	"SoftwareVersions": "syngo MR E11",
	"MRAcquisitionType": "2D",
	"SeriesDescription": "Localiser_XPQ122",
	"ProtocolName": "Localiser_XPQ122",
	"ScanningSequence": "EP",
	"SequenceVariant": "SK\\SS",
	"ScanOptions": "FS\\EXT",
	"SequenceName": "epfid2d1_80",
	"ImageType": [
		"ORIGINAL",
		"PRIMARY",
		"M",
		"MB",
		"ND",
		"MOSAIC"
	],
	"NonlinearGradientCorrection": false,
	"SeriesNumber": 6,
	"AcquisitionTime": "12:35:9.027500",
	"AcquisitionNumber": 1,
	"ImageComments": "Unaliased MB2/PE4/LB",
	"SliceThickness": 3,
	"SpacingBetweenSlices": 3,
	"SAR": 0.0986939,
	"EchoTime": 0.03,
	"RepetitionTime": 2,
	"FlipAngle": 80,
	"PartialFourier": 1,
	"BaseResolution": 80,
	"ShimSetting": [
		-1176,
		-2895,
		-580,
		246,
		6,
		-389,
		-164,
		6
	],
	"TxRefAmp": 227.873,
	"PhaseResolution": 1,
	"ReceiveCoilName": "HeadNeck_64",
	"ReceiveCoilActiveElements": "HC1-7;NC1",
	"PulseSequenceDetails": "%CustomerSeq%\\cmrr_mbep2d_bold",
	"WipMemBlock": "d632ace9-8749-4875-a03e-33dd3f83bc4b||Sequence: R016 ve11c/master r/e634e98; Dec 19 2017 11:00:25 by eja",
	"RefLinesPE": 24,
	"CoilCombinationMethod": "Sum of Squares",
	"ConsistencyInfo": "N4_VE11C_LATEST_20160120",
	"MatrixCoilMode": "GRAPPA",
	"MultibandAccelerationFactor": 2,
	"PercentPhaseFOV": 100,
	"PercentSampling": 100,
	"EchoTrainLength": 39,
	"PhaseEncodingSteps": 79,
	"AcquisitionMatrixPE": 80,
	"ReconMatrixPE": 80,
	"BandwidthPerPixelPhaseEncode": 51.02,
	"ParallelReductionFactorInPlane": 2,
	"EffectiveEchoSpacing": 0.000245002,
	"DerivedVendorReportedEchoSpacing": 0.000490004,
	"TotalReadoutTime": 0.0193552,
	"PixelBandwidth": 2500,
	"DwellTime": 2.5e-06,
	"PhaseEncodingDirection": "j-",
	"SliceTiming": [
		0,
		0.46,
		0.9225,
		1.385,
		1.8475,
		0.33,
		0.79,
		1.2525,
		1.715,
		0.1975,
		0.66,
		1.12,
		1.5825,
		0.065,
		0.5275,
		0.99,
		1.45,
		1.9125,
		0.395,
		0.8575,
		1.32,
		1.78,
		0.2625,
		0.725,
		1.1875,
		1.65,
		0.13,
		0.5925,
		1.055,
		1.5175,
		0,
		0.46,
		0.9225,
		1.385,
		1.8475,
		0.33,
		0.79,
		1.2525,
		1.715,
		0.1975,
		0.66,
		1.12,
		1.5825,
		0.065,
		0.5275,
		0.99,
		1.45,
		1.9125,
		0.395,
		0.8575,
		1.32,
		1.78,
		0.2625,
		0.725,
		1.1875,
		1.65,
		0.13,
		0.5925,
		1.055,
		1.5175
	],
	"ImageOrientationPatientDICOM": [
		0.999817,
		-0.00179894,
		0.0190274,
		-6.19209e-09,
		0.99556,
		0.0941255
	],
	"ImageOrientationText": "Tra>Cor(5.4)>Sag(1.1)",
	"InPlanePhaseEncodingDirectionDICOM": "COL",
	"ConversionSoftware": "dcm2niix",
	"ConversionSoftwareVersion": "v1.0.20220720",
	"TaskName": "Category Localiser",
	"trial_type": {
		"LongName": "Condition",
		"Description": "Image category",
		"Levels": {
			"face": "Face image",
			"scene": "Scene image",
			"scram": "Phase scrambled face image"
		}
	}
}