{
	"Modality": "MR",
	"MagneticFieldStrength": 3,
	"ImagingFrequency": 123.261,
	"Manufacturer": "Siemens",
	"ManufacturersModelName": "Prisma",
	"InstitutionName": "York Neuro Imaging Centre",
	"InstitutionalDepartmentName": "Department",
	"InstitutionAddress": "Innovation Way  Heslington,York,District,GB,YO10 5NY",
	"DeviceSerialNumber": "66095",
	"StationName": "AWP66095",
	"BodyPartExamined": "BRAIN",
	"PatientPosition": "HFS",
	"ProcedureStepDescription": "P1442a",
	"SoftwareVersions": "syngo MR E11",
	"MRAcquisitionType": "2D",
	"SeriesDescription": "GoT_XPQ389",
	"ProtocolName": "GoT_XPQ389",
	"ScanningSequence": "EP",
	"SequenceVariant": "SK\\SS",
	"ScanOptions": "FS\\EXT",
	"SequenceName": "epfid2d1_80",
	"ImageType": [
		"ORIGINAL",
		"PRIMARY",
		"M",
		"MB",
		"ND",
		"MOSAIC"
	],
	"NonlinearGradientCorrection": false,
	"SeriesNumber": 4,
	"AcquisitionTime": "11:32:2.082500",
	"AcquisitionNumber": 1,
	"ImageComments": "Unaliased MB2/PE4/LB",
	"SliceThickness": 3,
	"SpacingBetweenSlices": 3,
	"SAR": 0.122148,
	"EchoTime": 0.03,
	"RepetitionTime": 2,
	"FlipAngle": 80,
	"PartialFourier": 1,
	"BaseResolution": 80,
	"ShimSetting": [
		-1193,
		-2944,
		-586,
		355,
		16,
		-502,
		-135,
		63
	],
	"TxRefAmp": 227.365,
	"PhaseResolution": 1,
	"ReceiveCoilName": "HeadNeck_64",
	"ReceiveCoilActiveElements": "HC1-7;NC1",
	"PulseSequenceDetails": "%CustomerSeq%\\cmrr_mbep2d_bold",
	"WipMemBlock": "65b1e7d6-c7e7-45f9-8e1b-1d9d4ddda686||Sequence: R016 ve11c/master r/e634e98; Dec 19 2017 11:00:25 by eja",
	"RefLinesPE": 24,
	"CoilCombinationMethod": "Sum of Squares",
	"ConsistencyInfo": "N4_VE11C_LATEST_20160120",
	"MatrixCoilMode": "GRAPPA",
	"MultibandAccelerationFactor": 2,
	"PercentPhaseFOV": 100,
	"PercentSampling": 100,
	"EchoTrainLength": 39,
	"PhaseEncodingSteps": 79,
	"AcquisitionMatrixPE": 80,
	"ReconMatrixPE": 80,
	"BandwidthPerPixelPhaseEncode": 51.02,
	"ParallelReductionFactorInPlane": 2,
	"EffectiveEchoSpacing": 0.000245002,
	"DerivedVendorReportedEchoSpacing": 0.000490004,
	"TotalReadoutTime": 0.0193552,
	"PixelBandwidth": 2500,
	"DwellTime": 2.5e-06,
	"PhaseEncodingDirection": "j-",
	"SliceTiming": [
		0,
		0.4625,
		0.925,
		1.385,
		1.8475,
		0.33,
		0.7925,
		1.255,
		1.715,
		0.1975,
		0.66,
		1.1225,
		1.585,
		0.065,
		0.5275,
		0.99,
		1.4525,
		1.915,
		0.395,
		0.8575,
		1.32,
		1.7825,
		0.265,
		0.725,
		1.1875,
		1.65,
		0.1325,
		0.595,
		1.055,
		1.5175,
		0,
		0.4625,
		0.925,
		1.385,
		1.8475,
		0.33,
		0.7925,
		1.255,
		1.715,
		0.1975,
		0.66,
		1.1225,
		1.585,
		0.065,
		0.5275,
		0.99,
		1.4525,
		1.915,
		0.395,
		0.8575,
		1.32,
		1.7825,
		0.265,
		0.725,
		1.1875,
		1.65,
		0.1325,
		0.595,
		1.055,
		1.5175
	],
	"ImageOrientationPatientDICOM": [
		1,
		0,
		0,
		0,
		0.994338,
		0.106264
	],
	"ImageOrientationText": "Tra>Cor(6.1)",
	"InPlanePhaseEncodingDirectionDICOM": "COL",
	"ConversionSoftware": "dcm2niix",
	"ConversionSoftwareVersion": "v1.0.20220720",
	"TaskName": "Game of Thrones movie watching"
}