{
	"Modality": "MR",
	"MagneticFieldStrength": 3,
	"ImagingFrequency": 123.260958,
	"Manufacturer": "Siemens",
	"ManufacturersModelName": "Prisma",
	"InstitutionName": "York Neuro Imaging Centre",
	"InstitutionalDepartmentName": "Department",
	"InstitutionAddress": "Innovation Way  Heslington,York,District,GB,YO10 5NY",
	"DeviceSerialNumber": "66095",
	"StationName": "AWP66095",
	"BodyPartExamined": "BRAIN",
	"PatientPosition": "HFS",
	"ProcedureStepDescription": "P1452a",
	"SoftwareVersions": "syngo MR E11",
	"MRAcquisitionType": "2D",
	"SeriesDescription": "field_map_1",
	"ProtocolName": "field_map_1",
	"ScanningSequence": "GR",
	"SequenceVariant": "SP",
	"SequenceName": "*fm2d2r",
	"ImageType": ["ORIGINAL", "PRIMARY", "M", "ND"],
	"NonlinearGradientCorrection": false,
	"SeriesNumber": 8,
	"AcquisitionTime": "16:32:31.712500",
	"AcquisitionNumber": 1,
	"SliceThickness": 3,
	"SpacingBetweenSlices": 3,
	"SAR": 0.13433,
	"EchoNumber": 2,
	"EchoTime": 0.00738,
	"RepetitionTime": 0.554,
	"FlipAngle": 60,
	"PartialFourier": 1,
	"BaseResolution": 80,
	"ShimSetting": [
		-1196,
		-2942,
		-615,
		407,
		10,
		-558,
		-64,
		14	],
	"TxRefAmp": 220.963,
	"PhaseResolution": 1,
	"ReceiveCoilName": "HeadNeck_64",
	"ReceiveCoilActiveElements": "HC1-7;NC1,2",
	"PulseSequenceDetails": "%SiemensSeq%\\gre_field_mapping",
	"CoilCombinationMethod": "Sum of Squares",
	"ConsistencyInfo": "N4_VE11C_LATEST_20160120",
	"MatrixCoilMode": "SENSE",
	"MultibandAccelerationFactor": 2,
	"PercentPhaseFOV": 100,
	"PercentSampling": 100,
	"PhaseEncodingSteps": 80,
	"AcquisitionMatrixPE": 80,
	"ReconMatrixPE": 80,
	"PixelBandwidth": 1525,
	"DwellTime": 4.1e-06,
	"PhaseEncodingDirection": "j-",
	"SliceTiming": [
		0.28125,
		0,
		0.28125,
		0,
		0.29688,
		0.01562,
		0.3125,
		0.03125,
		0.3125,
		0.03125,
		0.32812,
		0.04688,
		0.32812,
		0.0625,
		0.34375,
		0.0625,
		0.34375,
		0.07812,
		0.35938,
		0.07812,
		0.375,
		0.09375,
		0.375,
		0.09375,
		0.39062,
		0.10938,
		0.39062,
		0.125,
		0.40625,
		0.125,
		0.42188,
		0.14062,
		0.42188,
		0.14062,
		0.4375,
		0.15625,
		0.4375,
		0.17188,
		0.45312,
		0.17188,
		0.45312,
		0.1875,
		0.46875,
		0.1875,
		0.48438,
		0.20312,
		0.48438,
		0.21875,
		0.5,
		0.21875,
		0.5,
		0.23438,
		0.51562,
		0.23438,
		0.53125,
		0.25,
		0.53125,
		0.25,
		0.54688,
		0.26562	],
	"ImageOrientationPatientDICOM": [
		0.997253,
		-0.0114919,
		0.0731791,
		-6.23882e-09,
		0.987893,
		0.155137	],
	"ImageOrientationText": "Tra>Cor(8.9)>Sag(4.2)",
	"InPlanePhaseEncodingDirectionDICOM": "COL",
	"ConversionSoftware": "dcm2niix",
	"ConversionSoftwareVersion": "v1.0.20230411"
}
