{
	"Modality": "MR",
	"MagneticFieldStrength": 3,
	"ImagingFrequency": 123.261,
	"Manufacturer": "Siemens",
	"ManufacturersModelName": "Prisma",
	"InstitutionName": "York Neuro Imaging Centre",
	"InstitutionalDepartmentName": "Department",
	"InstitutionAddress": "Innovation Way  Heslington,York,District,GB,YO10 5NY",
	"DeviceSerialNumber": "66095",
	"StationName": "AWP66095",
	"BodyPartExamined": "BRAIN",
	"PatientPosition": "HFS",
	"ProcedureStepDescription": "P1442a",
	"SoftwareVersions": "syngo MR E11",
	"MRAcquisitionType": "2D",
	"SeriesDescription": "Localiser_XPQ122",
	"ProtocolName": "Localiser_XPQ122",
	"ScanningSequence": "EP",
	"SequenceVariant": "SK\\SS",
	"ScanOptions": "FS\\EXT",
	"SequenceName": "epfid2d1_80",
	"ImageType": [
		"ORIGINAL",
		"PRIMARY",
		"M",
		"MB",
		"ND",
		"MOSAIC"
	],
	"NonlinearGradientCorrection": false,
	"SeriesNumber": 6,
	"AcquisitionTime": "10:30:36.890000",
	"AcquisitionNumber": 1,
	"ImageComments": "Unaliased MB2/PE4/LB",
	"SliceThickness": 3,
	"SpacingBetweenSlices": 3,
	"SAR": 0.102285,
	"EchoTime": 0.03,
	"RepetitionTime": 2,
	"FlipAngle": 80,
	"PartialFourier": 1,
	"BaseResolution": 80,
	"ShimSetting": [
		-1209,
		-2979,
		-546,
		556,
		30,
		-454,
		-22,
		182
	],
	"TxRefAmp": 205.264,
	"PhaseResolution": 1,
	"ReceiveCoilName": "HeadNeck_64",
	"ReceiveCoilActiveElements": "HC1-7;NC1",
	"PulseSequenceDetails": "%CustomerSeq%\\cmrr_mbep2d_bold",
	"WipMemBlock": "7ede0284-644f-49d2-8065-57afeec7cd70||Sequence: R016 ve11c/master r/e634e98; Dec 19 2017 11:00:25 by eja",
	"RefLinesPE": 24,
	"CoilCombinationMethod": "Sum of Squares",
	"ConsistencyInfo": "N4_VE11C_LATEST_20160120",
	"MatrixCoilMode": "GRAPPA",
	"MultibandAccelerationFactor": 2,
	"PercentPhaseFOV": 100,
	"PercentSampling": 100,
	"EchoTrainLength": 39,
	"PhaseEncodingSteps": 79,
	"AcquisitionMatrixPE": 80,
	"ReconMatrixPE": 80,
	"BandwidthPerPixelPhaseEncode": 51.02,
	"ParallelReductionFactorInPlane": 2,
	"EffectiveEchoSpacing": 0.000245002,
	"DerivedVendorReportedEchoSpacing": 0.000490004,
	"TotalReadoutTime": 0.0193552,
	"PixelBandwidth": 2500,
	"DwellTime": 2.5e-06,
	"PhaseEncodingDirection": "j-",
	"SliceTiming": [
		0,
		0.46,
		0.9225,
		1.385,
		1.8475,
		0.33,
		0.79,
		1.2525,
		1.715,
		0.1975,
		0.66,
		1.12,
		1.5825,
		0.065,
		0.5275,
		0.99,
		1.45,
		1.9125,
		0.395,
		0.8575,
		1.32,
		1.78,
		0.2625,
		0.725,
		1.1875,
		1.65,
		0.13,
		0.5925,
		1.055,
		1.5175,
		0,
		0.46,
		0.9225,
		1.385,
		1.8475,
		0.33,
		0.79,
		1.2525,
		1.715,
		0.1975,
		0.66,
		1.12,
		1.5825,
		0.065,
		0.5275,
		0.99,
		1.45,
		1.9125,
		0.395,
		0.8575,
		1.32,
		1.78,
		0.2625,
		0.725,
		1.1875,
		1.65,
		0.13,
		0.5925,
		1.055,
		1.5175
	],
	"ImageOrientationPatientDICOM": [
		0.999747,
		0.00289847,
		-0.0223109,
		-4.73606e-08,
		0.991667,
		0.128828
	],
	"ImageOrientationText": "Tra>Cor(7.4)>Sag(-1.3)",
	"InPlanePhaseEncodingDirectionDICOM": "COL",
	"ConversionSoftware": "dcm2niix",
	"ConversionSoftwareVersion": "v1.0.20220720",
	"TaskName": "Category Localiser",
	"trial_type": {
		"LongName": "Condition",
		"Description": "Image category",
		"Levels": {
			"face": "Face image",
			"scene": "Scene image",
			"scram": "Phase scrambled face image"
		}
	}
}