{
	"Modality": "MR",
	"MagneticFieldStrength": 3,
	"ImagingFrequency": 123.260964,
	"Manufacturer": "Siemens",
	"ManufacturersModelName": "Prisma",
	"InstitutionName": "York Neuro Imaging Centre",
	"InstitutionalDepartmentName": "Department",
	"InstitutionAddress": "Innovation Way  Heslington,York,District,GB,YO10 5NY",
	"DeviceSerialNumber": "66095",
	"StationName": "AWP66095",
	"BodyPartExamined": "BRAIN",
	"PatientPosition": "HFS",
	"ProcedureStepDescription": "P1442a",
	"SoftwareVersions": "syngo MR E11",
	"MRAcquisitionType": "2D",
	"SeriesDescription": "field_map_1",
	"ProtocolName": "field_map_1",
	"ScanningSequence": "GR",
	"SequenceVariant": "SP",
	"SequenceName": "*fm2d2r",
	"ImageType": ["ORIGINAL", "PRIMARY", "P", "ND", "PHASE"],
	"NonlinearGradientCorrection": false,
	"SeriesNumber": 9,
	"AcquisitionTime": "11:50:15.970000",
	"AcquisitionNumber": 1,
	"SliceThickness": 3,
	"SpacingBetweenSlices": 3,
	"SAR": 0.149412,
	"EchoNumber": 2,
	"EchoTime": 0.00738,
	"RepetitionTime": 0.554,
	"FlipAngle": 60,
	"EchoTime1": 0.00492,
	"EchoTime2": 0.00738,
	"PartialFourier": 1,
	"BaseResolution": 80,
	"ShimSetting": [
		-1193,
		-2944,
		-586,
		355,
		16,
		-502,
		-135,
		63	],
	"TxRefAmp": 227.365,
	"PhaseResolution": 1,
	"ReceiveCoilName": "HeadNeck_64",
	"ReceiveCoilActiveElements": "HC1-7;NC1",
	"PulseSequenceDetails": "%SiemensSeq%\\gre_field_mapping",
	"CoilCombinationMethod": "Sum of Squares",
	"ConsistencyInfo": "N4_VE11C_LATEST_20160120",
	"MatrixCoilMode": "SENSE",
	"PercentPhaseFOV": 100,
	"PercentSampling": 100,
	"PhaseEncodingSteps": 80,
	"AcquisitionMatrixPE": 80,
	"ReconMatrixPE": 80,
	"PixelBandwidth": 1525,
	"DwellTime": 4.1e-06,
	"PhaseEncodingDirection": "j-",
	"SliceTiming": [
		0.27344,
		0,
		0.28125,
		0.00781,
		0.29688,
		0.01562,
		0.30469,
		0.02344,
		0.3125,
		0.03125,
		0.32031,
		0.04688,
		0.32812,
		0.05469,
		0.33594,
		0.0625,
		0.35156,
		0.07031,
		0.35938,
		0.08594,
		0.36719,
		0.08594,
		0.375,
		0.10156,
		0.38281,
		0.10938,
		0.39844,
		0.11719,
		0.40625,
		0.125,
		0.41406,
		0.14062,
		0.42188,
		0.14844,
		0.42969,
		0.15625,
		0.44531,
		0.16406,
		0.45312,
		0.17188,
		0.46094,
		0.17969,
		0.46875,
		0.19531,
		0.47656,
		0.20312,
		0.48438,
		0.21094,
		0.5,
		0.21875,
		0.50781,
		0.22656,
		0.51562,
		0.23438,
		0.52344,
		0.25,
		0.53125,
		0.25781,
		0.53906,
		0.26562	],
	"ImageOrientationPatientDICOM": [
		1,
		0,
		0,
		0,
		0.994338,
		0.106264	],
	"ImageOrientationText": "Tra>Cor(6.1)",
	"InPlanePhaseEncodingDirectionDICOM": "COL",
	"ConversionSoftware": "dcm2niix",
	"ConversionSoftwareVersion": "v1.0.20230411"
}
